GEM
  specs:
    rmagick (2.13.2)

PLATFORMS
  ruby

DEPENDENCIES
  rmagick
